PATH
  remote: .
  specs:
    movie_list (0.1.0)
      dotenv
      open-uri

GEM
  remote: https://rubygems.org/
  specs:
    byebug (11.1.3)
    coderay (1.1.3)
    date (3.2.2)
    dotenv (2.7.6)
    method_source (1.0.0)
    open-uri (0.2.0)
      stringio
      time
      uri
    pry (0.14.1)
      coderay (~> 1.1)
      method_source (~> 1.0)
    rake (13.0.6)
    stringio (3.0.1)
    time (0.2.0)
      date
    uri (0.11.0)

PLATFORMS
  x86_64-darwin-20

DEPENDENCIES
  byebug
  dotenv
  movie_list!
  open-uri
  pry
  rake (~> 13.0)

BUNDLED WITH
   2.2.24
